GEM
  remote: https://rubygems.org/
  specs:
    noodles (0.0.2)
      rack
    rack (1.5.2)
    shotgun (0.9)
      rack (>= 1.0)

PLATFORMS
  ruby

DEPENDENCIES
  noodles
  shotgun
