GEM
  remote: https://rubygems.org/
  specs:
    addressable (2.3.6)
    daemons (1.1.9)
    em-websocket (0.3.8)
      addressable (>= 2.1.1)
      eventmachine (>= 0.12.9)
    erubis (2.7.0)
    eventmachine (1.0.3)
    faraday (0.9.0)
      multipart-post (>= 1.2, < 3)
    hashie (2.1.1)
    jwt (0.1.13)
      multi_json (>= 1.5)
    multi_json (1.9.2)
    multi_xml (0.5.5)
    multipart-post (2.0.0)
    noodles (0.0.3)
      erubis
      multi_json
      rack
      websocket-rack
    oauth2 (0.9.3)
      faraday (>= 0.8, < 0.10)
      jwt (~> 0.1.8)
      multi_json (~> 1.3)
      multi_xml (~> 0.5)
      rack (~> 1.2)
    omniauth (1.2.1)
      hashie (>= 1.2, < 3)
      rack (~> 1.0)
    omniauth-facebook (1.6.0)
      omniauth-oauth2 (~> 1.1)
    omniauth-github (1.1.2)
      omniauth (~> 1.0)
      omniauth-oauth2 (~> 1.1)
    omniauth-oauth2 (1.1.2)
      faraday (>= 0.8, < 0.10)
      multi_json (~> 1.3)
      oauth2 (~> 0.9.3)
      omniauth (~> 1.2)
    rack (1.5.2)
    shotgun (0.9)
      rack (>= 1.0)
    thin (1.6.2)
      daemons (>= 1.0.9)
      eventmachine (>= 1.0.0)
      rack (>= 1.0.0)
    websocket-rack (0.4.0)
      em-websocket (~> 0.3.6)
      eventmachine (~> 1.0.0.beta.4)
      rack
      thin

PLATFORMS
  ruby

DEPENDENCIES
  noodles
  omniauth-facebook
  omniauth-github
  shotgun
